GEM
  remote: https://rubygems.org/
  specs:
    addressable (2.3.5)
    columnize (0.3.6)
    debugger (1.6.2)
      columnize (>= 0.3.1)
      debugger-linecache (~> 1.2.0)
      debugger-ruby_core_source (~> 1.2.3)
    debugger-linecache (1.2.0)
    debugger-ruby_core_source (1.2.3)
    dotenv (0.9.0)
    faraday (0.8.8)
      multipart-post (~> 1.2.0)
    foreman (0.63.0)
      dotenv (>= 0.7)
      thor (>= 0.13.6)
    github_api (0.10.2)
      addressable
      faraday (~> 0.8.7)
      hashie (>= 1.2)
      multi_json (~> 1.4)
      nokogiri (~> 1.6.0)
      oauth2
    haml (4.0.4)
      tilt
    hashie (2.0.5)
    httpauth (0.2.0)
    jwt (0.1.8)
      multi_json (>= 1.5)
    mini_portile (0.5.2)
    multi_json (1.8.2)
    multi_xml (0.5.5)
    multipart-post (1.2.0)
    nokogiri (1.6.0)
      mini_portile (~> 0.5.0)
    oauth2 (0.9.2)
      faraday (~> 0.8)
      httpauth (~> 0.2)
      jwt (~> 0.1.4)
      multi_json (~> 1.0)
      multi_xml (~> 0.5)
      rack (~> 1.2)
    rack (1.5.2)
    rack-protection (1.5.1)
      rack
    redcarpet (3.0.0)
    sinatra (1.4.4)
      rack (~> 1.4)
      rack-protection (~> 1.4)
      tilt (~> 1.3, >= 1.3.4)
    thor (0.18.1)
    tilt (1.4.1)

PLATFORMS
  ruby

DEPENDENCIES
  debugger
  foreman
  github_api (~> 0.10.2)
  haml (~> 4.0)
  redcarpet (~> 3.0)
  sinatra (~> 1.4)
